GEM
  remote: https://rubygems.org/
  specs:
    ffi (1.16.3-x64-mingw-ucrt)
    matrix (0.4.2)
    minitest (5.20.0)

PLATFORMS
  x64-mingw-ucrt

DEPENDENCIES
  ffi
  matrix
  minitest

BUNDLED WITH
   2.5.4
